GEM
  remote: https://rubygems.org/
  specs:
    addressable (2.7.0)
      public_suffix (>= 2.0.2, < 5.0)
    colorize (0.8.1)
    equatable (0.6.1)
    launchy (2.5.0)
      addressable (~> 2.7)
    lolize (0.0.3)
      paint (~> 0.8.3)
    necromancer (0.5.1)
    paint (0.8.7)
    pastel (0.7.3)
      equatable (~> 0.6)
      tty-color (~> 0.5)
    public_suffix (4.0.4)
    tty-color (0.5.1)
    tty-cursor (0.7.1)
    tty-prompt (0.21.0)
      necromancer (~> 0.5.0)
      pastel (~> 0.7.0)
      tty-reader (~> 0.7.0)
    tty-reader (0.7.0)
      tty-cursor (~> 0.7)
      tty-screen (~> 0.7)
      wisper (~> 2.0.0)
    tty-screen (0.7.1)
    wisper (2.0.1)

PLATFORMS
  ruby

DEPENDENCIES
  colorize (~> 0.8.1)
  launchy (~> 2.5)
  lolize (~> 0.0.3)
  tty-cursor (~> 0.7.1)
  tty-prompt (~> 0.21.0)

BUNDLED WITH
   2.1.4
