GEM
  remote: https://rubygems.org/
  specs:
    lolize (0.0.3)
      paint (~> 0.8.3)
    paint (0.8.7)

PLATFORMS
  ruby

DEPENDENCIES
  lolize (~> 0.0.3)

BUNDLED WITH
   2.1.4
